GEM
  remote: https://rubygems.org/
  specs:
    haml (4.0.7)
      tilt
    rack (1.6.8)
    rack-protection (1.5.3)
      rack
    sinatra (1.4.8)
      rack (~> 1.5)
      rack-protection (~> 1.4)
      tilt (>= 1.3, < 3)
    tilt (2.0.8)

PLATFORMS
  ruby

DEPENDENCIES
  haml (~> 4.0.5)
  sinatra (~> 1.4.5)
